GEM
  remote: https://rubygems.org/
  specs:

GEM
  remote: https://rubygems.vpsfree.cz/
  specs:
    filelock (1.1.1)
    gli (2.20.1)
    json (2.6.3)
    libosctl (23.05.0.build20230924125527)
      rainbow (~> 3.1.1)
      require_all (~> 2.0.0)
    osctl-repo (23.05.0.build20230924125527)
      filelock
      gli (~> 2.20.0)
      json
      libosctl (= 23.05.0.build20230924125527)
      require_all (~> 2.0.0)
    rainbow (3.1.1)
    require_all (2.0.0)

PLATFORMS
  x86_64-linux

DEPENDENCIES
  osctl-repo (= 23.05.0.build20230924125527)!

BUNDLED WITH
   2.4.13
