GEM
  remote: https://rubygems.org/
  specs:

GEM
  remote: https://rubygems.vpsfree.cz/
  specs:
    bindata (2.4.15)
    concurrent-ruby (1.1.10)
    filelock (1.1.1)
    gli (2.20.1)
    ipaddress (0.8.3)
    json (2.6.3)
    libosctl (23.05.0.build20230730113835)
      rainbow (~> 3.1.1)
      require_all (~> 2.0.0)
    netlinkrb (0.18.vpsadminos.0)
    osctl-repo (23.05.0.build20230730113835)
      filelock
      gli (~> 2.20.0)
      json
      libosctl (= 23.05.0.build20230730113835)
      require_all (~> 2.0.0)
    osctld (23.05.0.build20230730113835)
      bindata (~> 2.4.15)
      concurrent-ruby (~> 1.1.9)
      ipaddress (~> 0.8.3)
      json
      libosctl (= 23.05.0.build20230730113835)
      netlinkrb (= 0.18.vpsadminos.0)
      osctl-repo (= 23.05.0.build20230730113835)
      osup (= 23.05.0.build20230730113835)
      require_all (~> 2.0.0)
      ruby-lxc (= 1.2.4.vpsadminos.3)
    osup (23.05.0.build20230730113835)
      gli (~> 2.20.0)
      json
      libosctl (= 23.05.0.build20230730113835)
      require_all (~> 2.0.0)
    rainbow (3.1.1)
    require_all (2.0.0)
    ruby-lxc (1.2.4.vpsadminos.3)

PLATFORMS
  x86_64-linux

DEPENDENCIES
  libosctl!
  netlinkrb!
  osctl-repo!
  osctld (= 23.05.0.build20230730113835)!
  osup!
  ruby-lxc!

BUNDLED WITH
   2.4.13
