GEM
  remote: https://rubygems.vpsfree.cz/
  specs:
    concurrent-ruby (1.1.10)
    filelock (1.1.1)
    gli (2.20.1)
    ipaddress (0.8.3)
    json (2.6.2)
    libosctl (22.05.0.build20221111163901)
      rainbow (~> 3.1.1)
      require_all (~> 2.0.0)
    netlinkrb (0.18.vpsadminos.0)
    osctl-repo (22.05.0.build20221111163901)
      filelock
      gli (~> 2.20.0)
      json
      libosctl (= 22.05.0.build20221111163901)
      require_all (~> 2.0.0)
    osctld (22.05.0.build20221111163901)
      concurrent-ruby (~> 1.1.9)
      ipaddress (~> 0.8.3)
      json
      libosctl (= 22.05.0.build20221111163901)
      netlinkrb (= 0.18.vpsadminos.0)
      osctl-repo (= 22.05.0.build20221111163901)
      osup (= 22.05.0.build20221111163901)
      require_all (~> 2.0.0)
      ruby-lxc (= 1.2.4.vpsadminos.3)
    osup (22.05.0.build20221111163901)
      gli (~> 2.20.0)
      json
      libosctl (= 22.05.0.build20221111163901)
      require_all (~> 2.0.0)
    rainbow (3.1.1)
    require_all (2.0.0)
    ruby-lxc (1.2.4.vpsadminos.3)

PLATFORMS
  x86_64-linux

DEPENDENCIES
  osctld (= 22.05.0.build20221111163901)

BUNDLED WITH
   2.3.9
