GEM
  remote: https://rubygems.org/
  specs:
    coderay (1.1.3)
    gli (2.20.1)
    method_source (1.0.0)
    pry (0.13.1)
      coderay (~> 1.1)
      method_source (~> 1.0)
    rainbow (3.1.1)
    require_all (2.0.0)

GEM
  remote: https://rubygems.vpsfree.cz/
  specs:
    libosctl (23.11.0.build20240120145104)
      rainbow (~> 3.1.1)
      require_all (~> 2.0.0)
    osvm (23.11.0.build20240120145104)
      gli (~> 2.20.0)
      libosctl (= 23.11.0.build20240120145104)
    test-runner (23.11.0.build20240120145104)
      gli (~> 2.20.0)
      libosctl (= 23.11.0.build20240120145104)
      osvm (= 23.11.0.build20240120145104)
      pry (~> 0.13.1)

PLATFORMS
  x86_64-linux

DEPENDENCIES
  test-runner (= 23.11.0.build20240120145104)!

BUNDLED WITH
   2.4.22
