GEM
  remote: https://rubygems.vpsfree.cz/
  specs:
    filelock (1.1.1)
    gli (2.20.1)
    libosctl (22.05.0.build20220920135640)
      rainbow (~> 3.1.1)
      require_all (~> 2.0.0)
    rainbow (3.1.1)
    require_all (2.0.0)
    svctl (22.05.0.build20220920135640)
      filelock
      gli (~> 2.20.0)
      libosctl (= 22.05.0.build20220920135640)

PLATFORMS
  x86_64-linux

DEPENDENCIES
  svctl (= 22.05.0.build20220920135640)

BUNDLED WITH
   2.3.9
