GEM
  remote: https://rubygems.vpsfree.cz/
  specs:
    filelock (1.1.1)
    gli (2.20.1)
    libosctl (23.05.0.build20230917140542)
      rainbow (~> 3.1.1)
      require_all (~> 2.0.0)
    rainbow (3.1.1)
    require_all (2.0.0)
    svctl (23.05.0.build20230917140542)
      filelock
      gli (~> 2.20.0)
      libosctl (= 23.05.0.build20230917140542)

PLATFORMS
  x86_64-linux

DEPENDENCIES
  svctl (= 23.05.0.build20230917140542)

BUNDLED WITH
   2.4.13
