GEM
  remote: https://rubygems.org/
  specs:
    filelock (1.1.1)
    gli (2.20.1)
    rainbow (3.1.1)
    require_all (2.0.0)

GEM
  remote: https://rubygems.vpsfree.cz/
  specs:
    libosctl (23.11.0.build20240602184606)
      rainbow (~> 3.1.1)
      require_all (~> 2.0.0)
    svctl (23.11.0.build20240602184606)
      filelock
      gli (~> 2.20.0)
      libosctl (= 23.11.0.build20240602184606)

PLATFORMS
  x86_64-linux

DEPENDENCIES
  svctl (= 23.11.0.build20240602184606)!

BUNDLED WITH
   2.4.22
