GEM
  remote: https://rubygems.org/
  specs:

GEM
  remote: https://rubygems.vpsfree.cz/
  specs:
    gli (2.20.1)
    libosctl (23.11.0.build20231212172001)
      rainbow (~> 3.1.1)
      require_all (~> 2.0.0)
    osvm (23.11.0.build20231212172001)
      gli (~> 2.20.0)
      libosctl (= 23.11.0.build20231212172001)
    rainbow (3.1.1)
    require_all (2.0.0)

PLATFORMS
  x86_64-linux

DEPENDENCIES
  osvm (= 23.11.0.build20231212172001)!

BUNDLED WITH
   2.4.22
