GEM
  remote: https://rubygems.org/
  specs:
    gli (2.20.1)
    rainbow (3.1.1)
    require_all (2.0.0)

GEM
  remote: https://rubygems.vpsfree.cz/
  specs:
    libosctl (23.11.0.build20240215164448)
      rainbow (~> 3.1.1)
      require_all (~> 2.0.0)
    osvm (23.11.0.build20240215164448)
      gli (~> 2.20.0)
      libosctl (= 23.11.0.build20240215164448)

PLATFORMS
  x86_64-linux

DEPENDENCIES
  osvm (= 23.11.0.build20240215164448)!

BUNDLED WITH
   2.4.22
