GEM
  remote: https://rubygems.vpsfree.cz/
  specs:
    gli (2.20.1)
    libosctl (22.05.0.build20221121185410)
      rainbow (~> 3.1.1)
      require_all (~> 2.0.0)
    osvm (22.05.0.build20221121185410)
      gli (~> 2.20.0)
      libosctl (= 22.05.0.build20221121185410)
    rainbow (3.1.1)
    require_all (2.0.0)

PLATFORMS
  x86_64-linux

DEPENDENCIES
  osvm (= 22.05.0.build20221121185410)

BUNDLED WITH
   2.3.9
