GEM
  remote: https://rubygems.org/
  specs:
    curses (1.4.5)
    daemons (1.4.1)
    eventmachine (1.2.7)
    filelock (1.1.1)
    gli (2.20.1)
    highline (2.0.3)
    ipaddress (0.8.3)
    json (2.7.2)
    prometheus-client (4.0.0)
    rack (2.2.9)
    rainbow (3.1.1)
    require_all (2.0.0)
    ruby-progressbar (1.11.0)
    thin (1.8.2)
      daemons (~> 1.0, >= 1.0.9)
      eventmachine (~> 1.0, >= 1.0.4)
      rack (>= 1, < 3)
    tty-cursor (0.7.1)
    tty-spinner (0.9.3)
      tty-cursor (~> 0.7)

GEM
  remote: https://rubygems.vpsfree.cz/
  specs:
    libosctl (23.11.0.build20240527173238)
      rainbow (~> 3.1.1)
      require_all (~> 2.0.0)
    osctl (23.11.0.build20240527173238)
      curses
      gli (~> 2.20.0)
      highline (~> 2.0.3)
      ipaddress (~> 0.8.3)
      json
      libosctl (= 23.11.0.build20240527173238)
      rainbow (~> 3.1.1)
      require_all (~> 2.0.0)
      ruby-progressbar (~> 1.11.0)
      tty-spinner (~> 0.9.3)
    osctl-exporter (23.11.0.build20240527173238)
      json
      libosctl (= 23.11.0.build20240527173238)
      osctl (= 23.11.0.build20240527173238)
      osctl-exportfs (= 23.11.0.build20240527173238)
      prometheus-client (~> 4.0.0)
      require_all (~> 2.0.0)
      thin (~> 1.8.1)
    osctl-exportfs (23.11.0.build20240527173238)
      filelock
      gli (~> 2.20.0)
      libosctl (= 23.11.0.build20240527173238)
      require_all (~> 2.0.0)

PLATFORMS
  x86_64-linux

DEPENDENCIES
  osctl-exporter (= 23.11.0.build20240527173238)!

BUNDLED WITH
   2.4.22
