GEM
  remote: https://rubygems.vpsfree.cz/
  specs:
    curses (1.4.4)
    filelock (1.1.1)
    gli (2.20.1)
    highline (2.0.3)
    ipaddress (0.8.3)
    json (2.6.2)
    libosctl (22.11.0.build20221202145411)
      rainbow (~> 3.1.1)
      require_all (~> 2.0.0)
    osctl (22.11.0.build20221202145411)
      curses
      gli (~> 2.20.0)
      highline (~> 2.0.3)
      ipaddress (~> 0.8.3)
      json
      libosctl (= 22.11.0.build20221202145411)
      rainbow (~> 3.1.1)
      require_all (~> 2.0.0)
      ruby-progressbar (~> 1.11.0)
    osctl-image (22.11.0.build20221202145411)
      gli (~> 2.20.0)
      ipaddress (~> 0.8.3)
      json
      libosctl (= 22.11.0.build20221202145411)
      osctl (= 22.11.0.build20221202145411)
      osctl-repo (= 22.11.0.build20221202145411)
      require_all (~> 2.0.0)
    osctl-repo (22.11.0.build20221202145411)
      filelock
      gli (~> 2.20.0)
      json
      libosctl (= 22.11.0.build20221202145411)
      require_all (~> 2.0.0)
    rainbow (3.1.1)
    require_all (2.0.0)
    ruby-progressbar (1.11.0)

PLATFORMS
  x86_64-linux

DEPENDENCIES
  osctl-image (= 22.11.0.build20221202145411)

BUNDLED WITH
   2.3.25
