GEM
  remote: https://rubygems.vpsfree.cz/
  specs:
    gli (2.20.1)
    json (2.6.2)
    libosctl (22.05.0.build20221012112648)
      rainbow (~> 3.1.1)
      require_all (~> 2.0.0)
    osup (22.05.0.build20221012112648)
      gli (~> 2.20.0)
      json
      libosctl (= 22.05.0.build20221012112648)
      require_all (~> 2.0.0)
    rainbow (3.1.1)
    require_all (2.0.0)

PLATFORMS
  x86_64-linux

DEPENDENCIES
  osup (= 22.05.0.build20221012112648)

BUNDLED WITH
   2.3.9
